PATH
  remote: .
  specs:
    money-historical-bank (0.0.5)
      money (~> 6, >= 6.13.1)
      yajl-ruby (~> 1.3, >= 1.3.1)

GEM
  remote: https://rubygems.org/
  specs:
    ast (2.4.1)
    concurrent-ruby (1.1.8)
    i18n (1.8.10)
      concurrent-ruby (~> 1.0)
    minitest (5.14.1)
    money (6.14.1)
      i18n (>= 0.6.4, <= 2)
    parallel (1.19.2)
    parser (2.7.1.4)
      ast (~> 2.4.1)
    rainbow (3.0.0)
    rake (13.0.1)
    regexp_parser (1.7.1)
    rexml (3.2.8)
      strscan (>= 3.0.9)
    rr (1.2.1)
    rubocop (0.90.0)
      parallel (~> 1.10)
      parser (>= 2.7.1.1)
      rainbow (>= 2.2.2, < 4.0)
      regexp_parser (>= 1.7)
      rexml
      rubocop-ast (>= 0.3.0, < 1.0)
      ruby-progressbar (~> 1.7)
      unicode-display_width (>= 1.4.0, < 2.0)
    rubocop-ast (0.4.0)
      parser (>= 2.7.1.4)
    ruby-progressbar (1.10.1)
    strscan (3.1.0)
    unicode-display_width (1.7.0)
    yajl-ruby (1.4.1)

PLATFORMS
  ruby

DEPENDENCIES
  minitest (~> 5, >= 5.0)
  money-historical-bank!
  rake
  rr (~> 1.0, >= 1.0.4)
  rubocop

BUNDLED WITH
   2.1.4
